GIT
  remote: https://github.com/tonyarnold/narray
  revision: eeb06b030320a222727e41f11a2f0be300f9dd52
  specs:
    narray (0.6.0.8)

GEM
  remote: https://rubygems.org/
  specs:
    classifier-reborn (2.0.4)
      fast-stemmer (~> 1.0)
    colorator (1.1.0)
    fast-stemmer (1.0.2)
    ffi (1.9.14)
    forwardable-extended (2.6.0)
    gsl (2.1.0.1)
    jekyll (3.2.1)
      colorator (~> 1.0)
      jekyll-sass-converter (~> 1.0)
      jekyll-watch (~> 1.1)
      kramdown (~> 1.3)
      liquid (~> 3.0)
      mercenary (~> 0.3.3)
      pathutil (~> 0.9)
      rouge (~> 1.7)
      safe_yaml (~> 1.0)
    jekyll-paginate (1.1.0)
    jekyll-sass-converter (1.4.0)
      sass (~> 3.4)
    jekyll-watch (1.5.0)
      listen (~> 3.0, < 3.1)
    kramdown (1.12.0)
    liquid (3.0.6)
    listen (3.0.8)
      rb-fsevent (~> 0.9, >= 0.9.4)
      rb-inotify (~> 0.9, >= 0.9.7)
    mercenary (0.3.6)
    octopress (3.0.11)
      jekyll (>= 2.0)
      mercenary (~> 0.3.2)
      octopress-deploy
      octopress-escape-code (~> 2.0)
      octopress-hooks (~> 2.0)
      redcarpet (~> 3.0)
      titlecase
    octopress-deploy (1.3.0)
      colorator
    octopress-escape-code (2.1.1)
      jekyll (~> 3.0)
    octopress-hooks (2.6.1)
      jekyll (>= 2.0)
    pathutil (0.14.0)
      forwardable-extended (~> 2.6)
    posix-spawn (0.3.11)
    pygments.rb (0.6.3)
      posix-spawn (~> 0.3.6)
      yajl-ruby (~> 1.2.0)
    rb-fsevent (0.9.7)
    rb-gsl (1.16.0.6)
      gsl
    rb-inotify (0.9.7)
      ffi (>= 0.5.0)
    redcarpet (3.3.4)
    rouge (1.11.1)
    rubypants (0.5.0)
    safe_yaml (1.0.4)
    sass (3.4.22)
    stringex (2.6.1)
    titlecase (0.1.1)
    yajl-ruby (1.2.1)

PLATFORMS
  ruby

DEPENDENCIES
  classifier-reborn (~> 2.0)
  jekyll (~> 3.2.1)
  jekyll-paginate
  narray!
  octopress
  pygments.rb (~> 0.6.3)
  rb-gsl (~> 1.16, >= 1.16.0.6)
  rubypants (~> 0.5.0)
  stringex (~> 2.6.1)

BUNDLED WITH
   1.13.0
